GEM
  remote: http://rubygems.org/
  specs:
    builder (3.0.0)
    persona (0.0.1)
      rake (>= 0.8.3)
      sinatra (>= 1.1.0)
    rack (1.2.1)
    rake (0.8.7)
    sinatra (1.1.2)
      rack (~> 1.1)
      tilt (~> 1.2)
    tilt (1.2.2)

PLATFORMS
  ruby

DEPENDENCIES
  builder
  persona
  sinatra
